PATH
  remote: .
  specs:
    Cat_finder (0.1.0)

GEM
  remote: https://rubygems.org/
  specs:
    rake (10.5.0)

PLATFORMS
  ruby

DEPENDENCIES
  Cat_finder!
  bundler (~> 2.0)
  rake (~> 10.0)

BUNDLED WITH
   2.0.1
